PATH
  remote: .
  specs:
    noaa (0.2.3)
      geokit (>= 1.5.0)
      nokogiri (>= 0.9.7)

GEM
  remote: https://rubygems.org/
  specs:
    echoe (3.2)
      highline
      rubyforge (>= 1.0.2)
    ftools (0.0.0)
    geokit (1.9.0)
      multi_json (>= 1.3.2)
    highline (1.7.1)
    jnunemaker-matchy (0.4.0)
    json_pure (1.8.2)
    mcmire-context (0.5.6)
    mini_portile (0.6.2)
    multi_json (1.11.0)
    nokogiri (1.6.6.2)
      mini_portile (~> 0.6.0)
    rubyforge (2.0.4)
      json_pure (>= 1.1.7)

PLATFORMS
  ruby

DEPENDENCIES
  echoe (~> 3.0)
  ftools (~> 0.0.0)
  jnunemaker-matchy (>= 0.4.0)
  mcmire-context (>= 0.0.16)
  noaa!
