PATH
  remote: .
  specs:
    noaa (0.2.3)
      geokit (>= 1.5.0)
      libxml-ruby (>= 2.8.0)
      nokogiri (>= 0.9.7)

GEM
  remote: https://rubygems.org/
  specs:
    diff-lcs (1.2.5)
    geokit (1.9.0)
      multi_json (>= 1.3.2)
    libxml-ruby (2.8.0)
    mini_portile (0.6.2)
    multi_json (1.11.0)
    nokogiri (1.6.6.2)
      mini_portile (~> 0.6.0)
    rspec (3.2.0)
      rspec-core (~> 3.2.0)
      rspec-expectations (~> 3.2.0)
      rspec-mocks (~> 3.2.0)
    rspec-core (3.2.2)
      rspec-support (~> 3.2.0)
    rspec-expectations (3.2.0)
      diff-lcs (>= 1.2.0, < 2.0)
      rspec-support (~> 3.2.0)
    rspec-mocks (3.2.1)
      diff-lcs (>= 1.2.0, < 2.0)
      rspec-support (~> 3.2.0)
    rspec-support (3.2.2)

PLATFORMS
  ruby

DEPENDENCIES
  noaa!
  rspec
